PATH
  remote: .
  specs:
    global_options (0.0.2)
      plugin_migrator
      rails (>= 4.0.0)

GEM
  remote: https://rubygems.org/
  specs:
    actionmailer (4.0.12)
      actionpack (= 4.0.12)
      mail (~> 2.5, >= 2.5.4)
    actionpack (4.0.12)
      activesupport (= 4.0.12)
      builder (~> 3.1.0)
      erubis (~> 2.7.0)
      rack (~> 1.5.2)
      rack-test (~> 0.6.2)
    activemodel (4.0.12)
      activesupport (= 4.0.12)
      builder (~> 3.1.0)
    activerecord (4.0.12)
      activemodel (= 4.0.12)
      activerecord-deprecated_finders (~> 1.0.2)
      activesupport (= 4.0.12)
      arel (~> 4.0.0)
    activerecord-deprecated_finders (1.0.3)
    activesupport (4.0.12)
      i18n (~> 0.6, >= 0.6.9)
      minitest (~> 4.2)
      multi_json (~> 1.3)
      thread_safe (~> 0.1)
      tzinfo (~> 0.3.37)
    arel (4.0.2)
    builder (3.1.4)
    codeclimate-test-reporter (0.4.1)
      simplecov (>= 0.7.1, < 1.0.0)
    diff-lcs (1.2.5)
    docile (1.1.5)
    erubis (2.7.0)
    factory_girl (4.4.0)
      activesupport (>= 3.0.0)
    factory_girl_rails (4.4.1)
      factory_girl (~> 4.4.0)
      railties (>= 3.0.0)
    forgery (0.6.0)
    hike (1.2.3)
    i18n (0.6.11)
    mail (2.6.3)
      mime-types (>= 1.16, < 3)
    mime-types (2.4.3)
    minitest (4.7.5)
    multi_json (1.10.1)
    plugin_migrator (0.0.2)
      rails (>= 4.0.0)
      string-cases
    rack (1.5.2)
    rack-test (0.6.2)
      rack (>= 1.0)
    rails (4.0.12)
      actionmailer (= 4.0.12)
      actionpack (= 4.0.12)
      activerecord (= 4.0.12)
      activesupport (= 4.0.12)
      bundler (>= 1.3.0, < 2.0)
      railties (= 4.0.12)
      sprockets-rails (~> 2.0)
    railties (4.0.12)
      actionpack (= 4.0.12)
      activesupport (= 4.0.12)
      rake (>= 0.8.7)
      thor (>= 0.18.1, < 2.0)
    rake (10.3.2)
    rspec-core (3.1.7)
      rspec-support (~> 3.1.0)
    rspec-expectations (3.1.2)
      diff-lcs (>= 1.2.0, < 2.0)
      rspec-support (~> 3.1.0)
    rspec-mocks (3.1.3)
      rspec-support (~> 3.1.0)
    rspec-rails (3.1.0)
      actionpack (>= 3.0)
      activesupport (>= 3.0)
      railties (>= 3.0)
      rspec-core (~> 3.1.0)
      rspec-expectations (~> 3.1.0)
      rspec-mocks (~> 3.1.0)
      rspec-support (~> 3.1.0)
    rspec-support (3.1.2)
    simplecov (0.9.1)
      docile (~> 1.1.0)
      multi_json (~> 1.0)
      simplecov-html (~> 0.8.0)
    simplecov-html (0.8.0)
    sprockets (2.12.3)
      hike (~> 1.2)
      multi_json (~> 1.0)
      rack (~> 1.0)
      tilt (~> 1.1, != 1.3.0)
    sprockets-rails (2.2.2)
      actionpack (>= 3.0)
      activesupport (>= 3.0)
      sprockets (>= 2.8, < 4.0)
    sqlite3 (1.3.10)
    string-cases (0.0.0)
    thor (0.19.1)
    thread_safe (0.3.4)
    tilt (1.4.1)
    tzinfo (0.3.42)

PLATFORMS
  ruby

DEPENDENCIES
  codeclimate-test-reporter
  factory_girl_rails
  forgery
  global_options!
  rspec-rails
  sqlite3
